PATH
  remote: .
  specs:
    koara-html (0.13.0)

GEM
  remote: https://rubygems.org/
  specs:
    coveralls (0.8.17)
      json (>= 1.8, < 3)
      simplecov (~> 0.12.0)
      term-ansicolor (~> 1.3)
      thor (~> 0.19.1)
      tins (~> 1.6)
    docile (1.1.5)
    json (2.0.2)
    koara (0.13.0)
    rake (10.5.0)
    simplecov (0.12.0)
      docile (~> 1.1.0)
      json (>= 1.8, < 3)
      simplecov-html (~> 0.10.0)
    simplecov-html (0.10.0)
    term-ansicolor (1.4.0)
      tins (~> 1.0)
    thor (0.19.4)
    tins (1.13.0)

PLATFORMS
  ruby

DEPENDENCIES
  coveralls (= 0.8.17)
  koara (~> 0.13.0)
  koara-html!
  rake (~> 10.4, >= 10.4.2)

BUNDLED WITH
   1.11.2
